RESTRICTION: == net45
NUGET
  remote: https://api.nuget.org/v3/index.json
    FSharp.Core (4.1.18)
    Microsoft.Owin (3.1)
      Owin (>= 1.0)
    Microsoft.Owin.Diagnostics (3.1)
      Microsoft.Owin (>= 3.1)
      Owin (>= 1.0)
    Microsoft.Owin.FileSystems (3.1)
    Microsoft.Owin.Host.HttpListener (3.1)
    Microsoft.Owin.Hosting (3.1)
      Microsoft.Owin (>= 3.1)
      Owin (>= 1.0)
    Microsoft.Owin.StaticFiles (3.1)
      Microsoft.Owin (>= 3.1)
      Microsoft.Owin.FileSystems (>= 3.1)
      Owin (>= 1.0)
    Owin (1.0)
    Suave (2.2.1)
      FSharp.Core (>= 4.0.0.1)
    System.ValueTuple (4.3)
    Zafir (4.0.187.90-beta10)
    Zafir.CSharp (4.0.187.90-beta10)
      Zafir (>= 4.0.187.90-beta10)
    Zafir.FSharp (4.0.187.90-beta10)
      Zafir (>= 4.0.187.90-beta10)
    Zafir.Owin (4.0.91.48-beta10)
      Microsoft.Owin (>= 3.1)
      Owin (>= 1.0)
      Zafir (>= 4.0.187.90-beta10)
    Zafir.Suave (4.0.103.56-beta10)
      FSharp.Core (>= 4.0.0.1)
      Suave (>= 2.2.1)
      Zafir (>= 4.0.187.90-beta10)
      Zafir.Owin (>= 4.0.91.48-beta10)
    Zafir.UI.Next (4.0.167.77-beta10)
      Zafir (>= 4.0.187.90-beta10)
